GIT
  remote: git://github.com/meh/ruby-thread.git
  revision: f77505ccdf22faca32d08a493525c043e0303fe4
  specs:
    thread (0.2.2)

GIT
  remote: git://github.com/pry/pry.git
  revision: 3224e419a553c12732cba7f74429406a9e8e4441
  specs:
    pry (0.10.1)
      coderay (~> 1.1.0)
      method_source (~> 0.8.1)
      slop (~> 3.4)

GEM
  remote: https://rubygems.org/
  specs:
    autorun (0.1.0)
    coderay (1.1.0)
    diff-lcs (1.2.5)
    method_source (0.8.2)
    rake (10.4.2)
    rspec (3.3.0)
      rspec-core (~> 3.3.0)
      rspec-expectations (~> 3.3.0)
      rspec-mocks (~> 3.3.0)
    rspec-core (3.3.2)
      rspec-support (~> 3.3.0)
    rspec-expectations (3.3.1)
      diff-lcs (>= 1.2.0, < 2.0)
      rspec-support (~> 3.3.0)
    rspec-mocks (3.3.2)
      diff-lcs (>= 1.2.0, < 2.0)
      rspec-support (~> 3.3.0)
    rspec-support (3.3.0)
    slop (3.6.0)

PLATFORMS
  ruby

DEPENDENCIES
  autorun
  pry!
  rake
  rspec
  thread!
