GIT
  remote: git://github.com/grosser/parallel.git
  revision: 163e5a2259c64e285beab11f7698a0c343eb1799
  specs:
    parallel (1.6.1)

GIT
  remote: git://github.com/pry/pry.git
  revision: 3224e419a553c12732cba7f74429406a9e8e4441
  specs:
    pry (0.10.1)
      coderay (~> 1.1.0)
      method_source (~> 0.8.1)
      slop (~> 3.4)

GIT
  remote: git://github.com/r3dy/ruby-thread.git
  revision: 439535cc294ee2a8db2ef8888b7751ff4a1fe9ef
  specs:
    ruby-thread (0.1.3)

GEM
  remote: https://rubygems.org/
  specs:
    autorun (0.1.0)
    coderay (1.1.0)
    diff-lcs (1.2.5)
    method_source (0.8.2)
    rake (10.4.2)
    rspec (3.3.0)
      rspec-core (~> 3.3.0)
      rspec-expectations (~> 3.3.0)
      rspec-mocks (~> 3.3.0)
    rspec-core (3.3.2)
      rspec-support (~> 3.3.0)
    rspec-expectations (3.3.1)
      diff-lcs (>= 1.2.0, < 2.0)
      rspec-support (~> 3.3.0)
    rspec-mocks (3.3.2)
      diff-lcs (>= 1.2.0, < 2.0)
      rspec-support (~> 3.3.0)
    rspec-support (3.3.0)
    slop (3.6.0)
    thread (0.2.2)

PLATFORMS
  ruby

DEPENDENCIES
  autorun
  parallel!
  pry!
  rake
  rspec
  ruby-thread!
  thread
